GEM
  remote: https://rubygems.org/
  specs:
    ffi (1.9.25-x86-mingw32)
    jekyll-watch (2.1.2)
      listen (~> 3.0)
    kramdown (1.17.0)
    listen (3.1.5)
      rb-fsevent (~> 0.9, >= 0.9.4)
      rb-inotify (~> 0.9, >= 0.9.7)
      ruby_dep (~> 1.2)
    rb-fsevent (0.10.3)
    rb-inotify (0.10.0)
      ffi (~> 1.0)
    rouge (3.3.0)
    ruby_dep (1.5.0)

PLATFORMS
  x86-mingw32

DEPENDENCIES
  jekyll-watch
  kramdown
  rouge (>= 3.2.1)

BUNDLED WITH
   2.0.0
