GEM
  remote: https://rubygems.org/
  specs:
    ffi (1.9.25)
    ffi (1.9.25-x64-mingw32)
    jekyll-watch (2.0.0)
      listen (~> 3.0)
    kramdown (1.17.0)
    listen (3.1.5)
      rb-fsevent (~> 0.9, >= 0.9.4)
      rb-inotify (~> 0.9, >= 0.9.7)
      ruby_dep (~> 1.2)
    rb-fsevent (0.10.3)
    rb-inotify (0.9.10)
      ffi (>= 0.5.0, < 2)
    rouge (3.2.1)
    ruby_dep (1.5.0)

PLATFORMS
  ruby
  x64-mingw32

DEPENDENCIES
  jekyll-watch
  kramdown
  rouge (>= 3.2.1)

BUNDLED WITH
   1.16.4
